GEM
  remote: https://rubygems.org/
  specs:
    erubis (2.7.0)
    foodcritic (2.1.0)
      erubis
      gherkin (~> 2.11.7)
      nokogiri (~> 1.5.4)
      rak (~> 1.4)
      treetop (~> 1.4.10)
      yajl-ruby (~> 1.1.0)
    gherkin (2.11.8)
      multi_json (~> 1.3)
    multi_json (1.7.7)
    nokogiri (1.5.10)
    polyglot (0.3.3)
    rak (1.4)
    rake (10.1.0)
    treetop (1.4.14)
      polyglot
      polyglot (>= 0.3.1)
    yajl-ruby (1.1.0)

PLATFORMS
  ruby

DEPENDENCIES
  foodcritic
  rake
